REDIRECTS: ON
RESTRICTION: >= net451
NUGET
  remote: https://api.nuget.org/v3/index.json
    Aether (8.1.2)
    Argu (3.7)
      FSharp.Core (>= 4.0.1.7-alpha) - restriction: && (>= net451) (>= netstandard1.6)
      NETStandard.Library (>= 1.6) - restriction: && (>= net451) (>= netstandard1.6)
      System.Xml.XDocument (>= 4.0.11) - restriction: && (>= net451) (>= netstandard1.6)
    BenchmarkDotNet (0.10.12)
      BenchmarkDotNet.Core (>= 0.10.12) - restriction: || (&& (>= net451) (>= netcoreapp1.1)) (>= net46)
      BenchmarkDotNet.Toolchains.Roslyn (>= 0.10.12) - restriction: >= net46
    BenchmarkDotNet.Core (0.10.12) - restriction: || (&& (>= net451) (>= netcoreapp1.1)) (>= net46)
      Microsoft.DotNet.InternalAbstractions (>= 1.0) - restriction: || (&& (>= net451) (>= netcoreapp1.1)) (>= net46)
      Microsoft.DotNet.PlatformAbstractions (>= 1.1.1) - restriction: || (&& (>= net451) (>= netcoreapp1.1)) (>= net46)
      Microsoft.Win32.Registry (>= 4.3) - restriction: || (&& (>= net451) (>= netcoreapp1.1)) (>= net46)
      System.Threading.Tasks.Extensions (>= 4.3) - restriction: >= net46
      System.ValueTuple (>= 4.3) - restriction: || (&& (>= net451) (>= netcoreapp1.1)) (>= net46)
      System.Xml.XmlSerializer (>= 4.3) - restriction: || (&& (>= net451) (>= netcoreapp1.1)) (>= net46)
    BenchmarkDotNet.Toolchains.Roslyn (0.10.12) - restriction: >= net46
      BenchmarkDotNet.Core (>= 0.10.12) - restriction: >= net46
      Microsoft.CodeAnalysis.CSharp (>= 2.4) - restriction: >= net46
      System.Threading.Tasks (>= 4.3) - restriction: >= net46
    Chiron (6.2.1)
      Aether (>= 8.0.2 < 9.0)
      FParsec (>= 1.0 < 2.0)
    Expecto (4.1.1)
      Argu (>= 3.7)
      FSharp.Core (>= 3.1.2.5)
      Mono.Cecil (>= 0.9.6.4)
    Expecto.BenchmarkDotNet (4.1.1)
      BenchmarkDotNet (>= 0.10.3)
      Expecto (>= 4.1.1)
      FSharp.Core (>= 3.1.2.5)
    Expecto.FsCheck (4.1.1)
      Expecto (>= 4.1.1)
      FsCheck (>= 2.8)
      FSharp.Core (>= 3.1.2.5)
    FAKE.Lib (4.56)
    FParsec (1.0.2)
    FsCheck (2.10.7)
      FSharp.Core (>= 4.0.0.1)
    FSharp.Core (4.1.0.2) - redirects: force
      System.Collections (>= 4.0.11) - restriction: && (>= net451) (>= netstandard1.6)
      System.Console (>= 4.0) - restriction: && (>= net451) (>= netstandard1.6)
      System.Diagnostics.Debug (>= 4.0.11) - restriction: && (>= net451) (>= netstandard1.6)
      System.Diagnostics.Tools (>= 4.0.1) - restriction: && (>= net451) (>= netstandard1.6)
      System.Globalization (>= 4.0.11) - restriction: && (>= net451) (>= netstandard1.6)
      System.IO (>= 4.1) - restriction: && (>= net451) (>= netstandard1.6)
      System.Linq (>= 4.1) - restriction: && (>= net451) (>= netstandard1.6)
      System.Linq.Expressions (>= 4.1) - restriction: && (>= net451) (>= netstandard1.6)
      System.Linq.Queryable (>= 4.0.1) - restriction: && (>= net451) (>= netstandard1.6)
      System.Net.Requests (>= 4.0.11) - restriction: && (>= net451) (>= netstandard1.6)
      System.Reflection (>= 4.1) - restriction: && (>= net451) (>= netstandard1.6)
      System.Reflection.Extensions (>= 4.0.1) - restriction: && (>= net451) (>= netstandard1.6)
      System.Resources.ResourceManager (>= 4.0.1) - restriction: && (>= net451) (>= netstandard1.6)
      System.Runtime (>= 4.1) - restriction: && (>= net451) (>= netstandard1.6)
      System.Runtime.Extensions (>= 4.1) - restriction: && (>= net451) (>= netstandard1.6)
      System.Runtime.Numerics (>= 4.0.1) - restriction: && (>= net451) (>= netstandard1.6)
      System.Text.RegularExpressions (>= 4.1) - restriction: && (>= net451) (>= netstandard1.6)
      System.Threading (>= 4.0.11) - restriction: && (>= net451) (>= netstandard1.6)
      System.Threading.Tasks (>= 4.0.11) - restriction: && (>= net451) (>= netstandard1.6)
      System.Threading.Tasks.Parallel (>= 4.0.1) - restriction: && (>= net451) (>= netstandard1.6)
      System.Threading.Thread (>= 4.0) - restriction: && (>= net451) (>= netstandard1.6)
      System.Threading.ThreadPool (>= 4.0.10) - restriction: && (>= net451) (>= netstandard1.6)
      System.Threading.Timer (>= 4.0.1) - restriction: && (>= net451) (>= netstandard1.6)
      System.ValueTuple (>= 4.3) - restriction: && (>= net451) (< netstandard1.6)
    Microsoft.CodeAnalysis.Analyzers (2.6) - restriction: >= net46
    Microsoft.CodeAnalysis.Common (2.6.1) - restriction: >= net46
      Microsoft.CodeAnalysis.Analyzers (>= 1.1) - restriction: && (>= net451) (>= netstandard1.3)
      System.AppContext (>= 4.3) - restriction: && (>= net451) (>= netstandard1.3)
      System.Collections (>= 4.3) - restriction: && (>= net451) (>= netstandard1.3)
      System.Collections.Concurrent (>= 4.3) - restriction: && (>= net451) (>= netstandard1.3)
      System.Collections.Immutable (>= 1.3.1) - restriction: && (>= net451) (>= netstandard1.3)
      System.Console (>= 4.3) - restriction: && (>= net451) (>= netstandard1.3)
      System.Diagnostics.Debug (>= 4.3) - restriction: && (>= net451) (>= netstandard1.3)
      System.Diagnostics.FileVersionInfo (>= 4.3) - restriction: && (>= net451) (>= netstandard1.3)
      System.Diagnostics.StackTrace (>= 4.3) - restriction: && (>= net451) (>= netstandard1.3)
      System.Diagnostics.Tools (>= 4.3) - restriction: && (>= net451) (>= netstandard1.3)
      System.Dynamic.Runtime (>= 4.3) - restriction: && (>= net451) (>= netstandard1.3)
      System.Globalization (>= 4.3) - restriction: && (>= net451) (>= netstandard1.3)
      System.IO.Compression (>= 4.3) - restriction: && (>= net451) (>= netstandard1.3)
      System.IO.FileSystem (>= 4.3) - restriction: && (>= net451) (>= netstandard1.3)
      System.IO.FileSystem.Primitives (>= 4.3) - restriction: && (>= net451) (>= netstandard1.3)
      System.Linq (>= 4.3) - restriction: && (>= net451) (>= netstandard1.3)
      System.Linq.Expressions (>= 4.3) - restriction: && (>= net451) (>= netstandard1.3)
      System.Reflection (>= 4.3) - restriction: && (>= net451) (>= netstandard1.3)
      System.Reflection.Metadata (>= 1.4.2) - restriction: && (>= net451) (>= netstandard1.3)
      System.Resources.ResourceManager (>= 4.3) - restriction: && (>= net451) (>= netstandard1.3)
      System.Runtime (>= 4.3) - restriction: && (>= net451) (>= netstandard1.3)
      System.Runtime.Extensions (>= 4.3) - restriction: && (>= net451) (>= netstandard1.3)
      System.Runtime.InteropServices (>= 4.3) - restriction: && (>= net451) (>= netstandard1.3)
      System.Runtime.Numerics (>= 4.3) - restriction: && (>= net451) (>= netstandard1.3)
      System.Security.Cryptography.Algorithms (>= 4.3) - restriction: && (>= net451) (>= netstandard1.3)
      System.Security.Cryptography.Encoding (>= 4.3) - restriction: && (>= net451) (>= netstandard1.3)
      System.Security.Cryptography.X509Certificates (>= 4.3) - restriction: && (>= net451) (>= netstandard1.3)
      System.Text.Encoding (>= 4.3) - restriction: && (>= net451) (>= netstandard1.3)
      System.Text.Encoding.CodePages (>= 4.3) - restriction: && (>= net451) (>= netstandard1.3)
      System.Text.Encoding.Extensions (>= 4.3) - restriction: && (>= net451) (>= netstandard1.3)
      System.Threading (>= 4.3) - restriction: && (>= net451) (>= netstandard1.3)
      System.Threading.Tasks (>= 4.3) - restriction: && (>= net451) (>= netstandard1.3)
      System.Threading.Tasks.Parallel (>= 4.3) - restriction: && (>= net451) (>= netstandard1.3)
      System.Threading.Thread (>= 4.3) - restriction: && (>= net451) (>= netstandard1.3)
      System.ValueTuple (>= 4.3) - restriction: && (>= net451) (>= netstandard1.3)
      System.Xml.ReaderWriter (>= 4.3) - restriction: && (>= net451) (>= netstandard1.3)
      System.Xml.XDocument (>= 4.3) - restriction: && (>= net451) (>= netstandard1.3)
      System.Xml.XmlDocument (>= 4.3) - restriction: && (>= net451) (>= netstandard1.3)
      System.Xml.XPath.XDocument (>= 4.3) - restriction: && (>= net451) (>= netstandard1.3)
    Microsoft.CodeAnalysis.CSharp (2.6.1) - restriction: >= net46
      Microsoft.CodeAnalysis.Common (2.6.1)
    Microsoft.DotNet.InternalAbstractions (1.0) - restriction: || (&& (>= net451) (>= netcoreapp1.1)) (>= net46)
    Microsoft.DotNet.PlatformAbstractions (2.0.4) - restriction: || (&& (>= net451) (>= netcoreapp1.1)) (>= net46)
    Microsoft.NETCore.Platforms (2.0.1) - restriction: || (&& (>= net451) (>= netstandard1.6)) (&& (>= net46) (< netstandard2.0))
    Microsoft.Win32.Primitives (4.3) - restriction: || (&& (>= net451) (>= netstandard1.6)) (&& (>= net46) (< netstandard2.0))
    Microsoft.Win32.Registry (4.4) - restriction: || (&& (>= net451) (>= netcoreapp1.1)) (>= net46)
      System.Security.AccessControl (>= 4.4) - restriction: || (&& (>= monoandroid) (>= net451) (< netstandard1.3)) (&& (>= monotouch) (>= net451)) (&& (>= net451) (< net46) (>= netstandard2.0)) (&& (>= net451) (>= netcoreapp2.0)) (&& (>= net451) (>= xamarinios)) (&& (>= net451) (>= xamarinmac)) (&& (>= net451) (>= xamarintvos)) (&& (>= net451) (>= xamarinwatchos)) (>= net461)
      System.Security.Principal.Windows (>= 4.4) - restriction: || (&& (>= monoandroid) (>= net451) (< netstandard1.3)) (&& (>= monotouch) (>= net451)) (&& (>= net451) (< net46) (>= netstandard2.0)) (&& (>= net451) (>= netcoreapp2.0)) (&& (>= net451) (>= xamarinios)) (&& (>= net451) (>= xamarinmac)) (&& (>= net451) (>= xamarintvos)) (&& (>= net451) (>= xamarinwatchos)) (>= net461)
    Mono.Cecil (0.9.6.4)
    NETStandard.Library (1.6.1) - restriction: || (&& (>= net451) (>= netstandard1.6)) (&& (>= net46) (< netstandard2.0))
      Microsoft.NETCore.Platforms (>= 1.1)
      Microsoft.Win32.Primitives (>= 4.3) - restriction: && (>= net451) (>= netstandard1.3)
      System.AppContext (>= 4.3) - restriction: && (>= net451) (>= netstandard1.3)
      System.Collections (>= 4.3)
      System.Collections.Concurrent (>= 4.3)
      System.Console (>= 4.3) - restriction: && (>= net451) (>= netstandard1.3)
      System.Diagnostics.Debug (>= 4.3)
      System.Diagnostics.Tools (>= 4.3)
      System.Diagnostics.Tracing (>= 4.3)
      System.Globalization (>= 4.3)
      System.Globalization.Calendars (>= 4.3) - restriction: && (>= net451) (>= netstandard1.3)
      System.IO (>= 4.3)
      System.IO.Compression (>= 4.3)
      System.IO.Compression.ZipFile (>= 4.3) - restriction: && (>= net451) (>= netstandard1.3)
      System.IO.FileSystem (>= 4.3) - restriction: && (>= net451) (>= netstandard1.3)
      System.IO.FileSystem.Primitives (>= 4.3) - restriction: && (>= net451) (>= netstandard1.3)
      System.Linq (>= 4.3)
      System.Linq.Expressions (>= 4.3)
      System.Net.Http (>= 4.3)
      System.Net.Primitives (>= 4.3)
      System.Net.Sockets (>= 4.3) - restriction: && (>= net451) (>= netstandard1.3)
      System.ObjectModel (>= 4.3)
      System.Reflection (>= 4.3)
      System.Reflection.Extensions (>= 4.3)
      System.Reflection.Primitives (>= 4.3)
      System.Resources.ResourceManager (>= 4.3)
      System.Runtime (>= 4.3)
      System.Runtime.Extensions (>= 4.3)
      System.Runtime.Handles (>= 4.3) - restriction: && (>= net451) (>= netstandard1.3)
      System.Runtime.InteropServices (>= 4.3)
      System.Runtime.InteropServices.RuntimeInformation (>= 4.3)
      System.Runtime.Numerics (>= 4.3)
      System.Security.Cryptography.Algorithms (>= 4.3) - restriction: && (>= net451) (>= netstandard1.3)
      System.Security.Cryptography.Encoding (>= 4.3) - restriction: && (>= net451) (>= netstandard1.3)
      System.Security.Cryptography.Primitives (>= 4.3) - restriction: && (>= net451) (>= netstandard1.3)
      System.Security.Cryptography.X509Certificates (>= 4.3) - restriction: && (>= net451) (>= netstandard1.3)
      System.Text.Encoding (>= 4.3)
      System.Text.Encoding.Extensions (>= 4.3)
      System.Text.RegularExpressions (>= 4.3)
      System.Threading (>= 4.3)
      System.Threading.Tasks (>= 4.3)
      System.Threading.Timer (>= 4.3)
      System.Xml.ReaderWriter (>= 4.3)
      System.Xml.XDocument (>= 4.3)
    System.AppContext (4.3) - restriction: || (&& (>= net451) (>= netstandard1.6)) (>= net46)
    System.Collections (4.3) - redirects: force, restriction: || (&& (>= net451) (>= netstandard1.6)) (>= net46)
    System.Collections.Concurrent (4.3) - restriction: || (&& (>= net451) (>= netstandard1.6)) (>= net46)
    System.Collections.Immutable (1.4) - restriction: >= net46
      NETStandard.Library (>= 1.6.1) - restriction: && (>= net451) (< netstandard2.0)
    System.Console (4.3) - redirects: force, restriction: || (&& (>= net451) (>= netstandard1.6)) (>= net46)
    System.Diagnostics.Debug (4.3) - redirects: force, restriction: || (&& (>= net451) (>= netstandard1.6)) (>= net46)
    System.Diagnostics.FileVersionInfo (4.3) - restriction: >= net46
    System.Diagnostics.StackTrace (4.3) - restriction: >= net46
    System.Diagnostics.Tools (4.3) - redirects: force, restriction: || (&& (>= net451) (>= netstandard1.6)) (>= net46)
    System.Diagnostics.Tracing (4.3) - restriction: || (&& (>= net451) (>= netstandard1.6)) (&& (>= net46) (< netstandard2.0))
    System.Dynamic.Runtime (4.3) - restriction: >= net46
    System.Globalization (4.3) - redirects: force, restriction: || (&& (>= net451) (>= netstandard1.6)) (>= net46)
    System.Globalization.Calendars (4.3) - restriction: || (&& (>= net451) (>= netstandard1.6)) (&& (>= net46) (< netstandard2.0))
    System.IO (4.3) - redirects: force, restriction: || (&& (>= dnxcore50) (>= net46)) (&& (>= net451) (>= netstandard1.6)) (&& (>= net46) (< netstandard2.0)) (>= net463)
    System.IO.Compression (4.3) - restriction: || (&& (>= net451) (>= netstandard1.6)) (>= net46)
    System.IO.Compression.ZipFile (4.3) - restriction: || (&& (>= net451) (>= netstandard1.6)) (&& (>= net46) (< netstandard2.0))
    System.IO.FileSystem (4.3) - restriction: || (&& (>= net451) (>= netstandard1.6)) (>= net46)
      System.IO.FileSystem.Primitives (>= 4.3) - restriction: || (&& (>= net451) (>= netstandard1.3)) (>= net46)
    System.IO.FileSystem.Primitives (4.3) - restriction: || (&& (>= net451) (>= netstandard1.6)) (>= net46)
    System.Linq (4.3) - redirects: force, restriction: || (&& (>= net451) (>= netstandard1.6)) (>= net46)
    System.Linq.Expressions (4.3) - redirects: force, restriction: || (&& (>= net451) (>= netstandard1.6)) (>= net46)
    System.Linq.Queryable (4.3) - redirects: force, restriction: && (>= net451) (>= netstandard1.6)
    System.Net.Http (4.3.1) - restriction: || (&& (>= net451) (>= netstandard1.6)) (&& (>= net46) (< netstandard2.0))
      System.Security.Cryptography.X509Certificates (>= 4.3) - restriction: || (&& (>= dnxcore50) (>= net451)) (&& (< net45) (>= net451) (>= netstandard1.3) (< netstandard1.6)) (&& (< net45) (>= net451) (>= netstandard1.6)) (>= net46)
    System.Net.Primitives (4.3) - restriction: || (&& (>= net451) (>= netstandard1.6)) (&& (>= net46) (< netstandard2.0))
    System.Net.Requests (4.3) - redirects: force, restriction: && (>= net451) (>= netstandard1.6)
    System.Net.Sockets (4.3) - restriction: || (&& (>= net451) (>= netstandard1.6)) (&& (>= net46) (< netstandard2.0))
    System.ObjectModel (4.3) - restriction: || (&& (>= net451) (>= netstandard1.6)) (&& (>= net46) (< netstandard2.0))
    System.Reflection (4.3) - redirects: force, restriction: || (&& (>= net451) (>= netstandard1.6)) (>= net46)
    System.Reflection.Extensions (4.3) - redirects: force, restriction: || (&& (>= net451) (>= netstandard1.6)) (&& (>= net46) (< netstandard2.0))
    System.Reflection.Metadata (1.5) - restriction: >= net46
      NETStandard.Library (>= 1.6.1) - restriction: && (>= net451) (< netstandard2.0)
      System.Collections.Immutable (>= 1.4)
    System.Reflection.Primitives (4.3) - restriction: || (&& (>= net451) (>= netstandard1.6)) (&& (>= net46) (< netstandard2.0))
    System.Resources.ResourceManager (4.3) - redirects: force, restriction: || (&& (>= net451) (>= netstandard1.6)) (>= net46)
    System.Runtime (4.3) - redirects: force, restriction: || (&& (>= net451) (>= netcoreapp1.1)) (&& (>= net451) (>= netstandard1.6)) (>= net46)
    System.Runtime.Extensions (4.3) - redirects: force, restriction: || (&& (>= net451) (>= netstandard1.6)) (>= net46)
    System.Runtime.Handles (4.3) - restriction: || (&& (>= net451) (>= netstandard1.6)) (&& (>= net46) (< netstandard2.0))
    System.Runtime.InteropServices (4.3) - restriction: || (&& (>= net451) (>= netstandard1.6)) (>= net46)
      System.Runtime (>= 4.3) - restriction: || (&& (>= dnxcore50) (>= net451)) (&& (< net45) (>= net451) (< netstandard1.2)) (&& (< net45) (>= net451) (>= netstandard1.3) (< netstandard1.5)) (&& (< net45) (>= net451) (< netstandard1.3)) (&& (< net45) (>= net451) (>= netstandard1.5)) (&& (>= net451) (>= netcoreapp1.1)) (>= net462)
    System.Runtime.InteropServices.RuntimeInformation (4.3) - restriction: || (&& (>= net451) (>= netstandard1.6)) (&& (>= net46) (< netstandard2.0))
    System.Runtime.Numerics (4.3) - redirects: force, restriction: || (&& (>= net451) (>= netstandard1.6)) (>= net46)
    System.Security.AccessControl (4.4.1) - restriction: || (&& (>= monoandroid) (>= net451) (>= netcoreapp1.1) (< netstandard1.3)) (&& (>= monoandroid) (>= net46) (< netstandard1.3)) (&& (>= monotouch) (>= net451) (>= netcoreapp1.1)) (&& (>= monotouch) (>= net46)) (&& (>= net451) (>= netcoreapp1.1) (>= netstandard2.0)) (&& (>= net451) (>= netcoreapp1.1) (>= xamarinios)) (&& (>= net451) (>= netcoreapp1.1) (>= xamarinmac)) (&& (>= net451) (>= netcoreapp1.1) (>= xamarintvos)) (&& (>= net451) (>= netcoreapp1.1) (>= xamarinwatchos)) (&& (>= net451) (>= netcoreapp2.0)) (&& (>= net46) (>= netcoreapp2.0)) (&& (>= net46) (>= xamarinios)) (&& (>= net46) (>= xamarinmac)) (&& (>= net46) (>= xamarintvos)) (&& (>= net46) (>= xamarinwatchos)) (>= net461)
      System.Security.Principal.Windows (>= 4.4) - restriction: || (&& (>= monoandroid) (>= net451)) (&& (>= monotouch) (>= net451)) (&& (>= net451) (< net46) (>= netstandard1.3) (< netstandard2.0)) (&& (>= net451) (< net46) (>= netstandard2.0)) (&& (>= net451) (>= netcoreapp2.0)) (&& (>= net451) (>= xamarinios)) (&& (>= net451) (>= xamarinmac)) (&& (>= net451) (>= xamarintvos)) (&& (>= net451) (>= xamarinwatchos)) (&& (>= net46) (< netstandard2.0)) (>= net461)
    System.Security.Cryptography.Algorithms (4.3) - restriction: || (&& (>= net451) (>= netstandard1.6)) (>= net46)
      System.IO (>= 4.3) - restriction: || (&& (>= dnxcore50) (>= net451)) (&& (>= net451) (< net46) (>= netstandard1.3) (< netstandard1.4)) (&& (>= net451) (< net46) (>= netstandard1.4) (< netstandard1.6)) (&& (>= net451) (< net46) (>= netstandard1.6)) (>= net463)
      System.Runtime (>= 4.3) - restriction: || (&& (>= dnxcore50) (>= net451)) (&& (>= net451) (< net46) (>= netstandard1.3) (< netstandard1.4)) (&& (>= net451) (< net46) (>= netstandard1.4) (< netstandard1.6)) (&& (>= net451) (< net46) (>= netstandard1.6)) (>= net463)
      System.Security.Cryptography.Encoding (>= 4.3) - restriction: || (&& (>= dnxcore50) (>= net451)) (&& (>= net451) (< net46) (>= netstandard1.6)) (>= net463)
      System.Security.Cryptography.Primitives (>= 4.3) - restriction: || (&& (>= dnxcore50) (>= net451)) (&& (>= net451) (< net46) (>= netstandard1.3) (< netstandard1.4)) (&& (>= net451) (< net46) (>= netstandard1.4) (< netstandard1.6)) (&& (>= net451) (< net46) (>= netstandard1.6)) (&& (>= net46) (< netstandard1.4)) (&& (>= net461) (< netstandard1.6)) (>= net463)
    System.Security.Cryptography.Encoding (4.3) - restriction: || (&& (>= net451) (>= netstandard1.6)) (>= net46) (&& (>= net463) (>= netstandard1.6))
    System.Security.Cryptography.Primitives (4.3) - restriction: || (&& (>= dnxcore50) (>= net46)) (&& (>= net451) (>= netstandard1.6)) (&& (>= net46) (< netstandard1.4)) (&& (>= net461) (< netstandard1.6)) (>= net463)
    System.Security.Cryptography.X509Certificates (4.3) - restriction: || (&& (>= net451) (>= netstandard1.6)) (>= net46)
      System.Security.Cryptography.Algorithms (>= 4.3) - restriction: || (&& (>= dnxcore50) (>= net451)) (&& (>= net451) (< net46) (>= netstandard1.3) (< netstandard1.4)) (&& (>= net451) (< net46) (>= netstandard1.4) (< netstandard1.6)) (&& (>= net451) (< net46) (>= netstandard1.6)) (&& (>= net46) (< netstandard1.4)) (>= net461)
      System.Security.Cryptography.Encoding (>= 4.3) - restriction: || (&& (>= dnxcore50) (>= net451)) (&& (>= net451) (< net46) (>= netstandard1.3) (< netstandard1.4)) (&& (>= net451) (< net46) (>= netstandard1.4) (< netstandard1.6)) (&& (>= net451) (< net46) (>= netstandard1.6)) (&& (>= net46) (< netstandard1.4)) (>= net461)
    System.Security.Principal.Windows (4.4.1) - restriction: || (&& (>= monoandroid) (>= net451) (>= netcoreapp1.1) (< netstandard1.3)) (&& (>= monoandroid) (>= net46) (< netstandard1.3)) (&& (>= monotouch) (>= net451) (>= netcoreapp1.1)) (&& (>= monotouch) (>= net46)) (&& (>= net451) (>= netcoreapp1.1) (>= netstandard2.0)) (&& (>= net451) (>= netcoreapp1.1) (>= xamarinios)) (&& (>= net451) (>= netcoreapp1.1) (>= xamarinmac)) (&& (>= net451) (>= netcoreapp1.1) (>= xamarintvos)) (&& (>= net451) (>= netcoreapp1.1) (>= xamarinwatchos)) (&& (>= net451) (>= netcoreapp2.0)) (&& (>= net46) (>= netcoreapp2.0)) (&& (>= net46) (>= xamarinios)) (&& (>= net46) (>= xamarinmac)) (&& (>= net46) (>= xamarintvos)) (&& (>= net46) (>= xamarinwatchos)) (>= net461)
    System.Text.Encoding (4.3) - restriction: || (&& (>= net451) (>= netstandard1.6)) (>= net46)
    System.Text.Encoding.CodePages (4.4) - restriction: >= net46
    System.Text.Encoding.Extensions (4.3) - restriction: || (&& (>= net451) (>= netstandard1.6)) (>= net46)
    System.Text.RegularExpressions (4.3) - redirects: force, restriction: || (&& (>= net451) (>= netstandard1.6)) (&& (>= net46) (< netstandard2.0))
    System.Threading (4.3) - redirects: force, restriction: || (&& (>= net451) (>= netstandard1.6)) (>= net46)
    System.Threading.Tasks (4.3) - redirects: force, restriction: || (&& (>= net451) (>= netstandard1.6)) (>= net46)
    System.Threading.Tasks.Extensions (4.4) - restriction: >= net46
      System.Collections (>= 4.3) - restriction: && (>= net451) (< netstandard2.0)
      System.Runtime (>= 4.3) - restriction: && (>= net451) (< netstandard2.0)
      System.Threading.Tasks (>= 4.3) - restriction: && (>= net451) (< netstandard2.0)
    System.Threading.Tasks.Parallel (4.3) - redirects: force, restriction: || (&& (>= net451) (>= netstandard1.6)) (>= net46)
    System.Threading.Thread (4.3) - redirects: force, restriction: || (&& (>= net451) (>= netstandard1.6)) (>= net46)
    System.Threading.ThreadPool (4.3) - redirects: force, restriction: && (>= net451) (>= netstandard1.6)
    System.Threading.Timer (4.3) - redirects: force, restriction: || (&& (>= net451) (>= netstandard1.6)) (&& (>= net46) (< netstandard2.0))
    System.ValueTuple (4.3) - redirects: force
    System.Xml.ReaderWriter (4.3.1) - restriction: || (&& (>= net451) (>= netstandard1.6)) (>= net46)
    System.Xml.XDocument (4.3) - restriction: || (&& (>= net451) (>= netstandard1.6)) (>= net46)
    System.Xml.XmlDocument (4.3) - restriction: >= net46
    System.Xml.XmlSerializer (4.3) - restriction: || (&& (>= net451) (>= netcoreapp1.1)) (>= net46)
    System.Xml.XPath (4.3) - restriction: >= net46
    System.Xml.XPath.XDocument (4.3) - restriction: >= net46
      System.Xml.XPath (>= 4.3) - restriction: || (&& (>= net451) (>= netstandard1.3)) (>= net46)
GITHUB
  remote: wallymathieu/FSharp.SExpression
    SExpression.fs (16a9c13d6d6763504296b5dedfafe1f6a8278b41)
GROUP Build
NUGET
  remote: https://www.nuget.org/api/v2
    FAKE (4.56)
    FSharp.Compiler.Service (2.0.0.6)
    FSharp.Formatting (2.14.4)
      FSharp.Compiler.Service (2.0.0.6)
      FSharpVSPowerTools.Core (>= 2.3 < 2.4)
    FSharpVSPowerTools.Core (2.3)
      FSharp.Compiler.Service (>= 2.0.0.3)
    Microsoft.Bcl (1.1.10) - restriction: || (== net10) (== net11) (== net20) (== net30) (== net35) (== net40)
      Microsoft.Bcl.Build (>= 1.0.14)
    Microsoft.Bcl.Build (1.0.21) - import_targets: false, restriction: || (== net10) (== net11) (== net20) (== net30) (== net35) (== net40)
    Microsoft.Net.Http (2.2.29) - restriction: || (== net10) (== net11) (== net20) (== net30) (== net35) (== net40)
      Microsoft.Bcl (>= 1.1.10)
      Microsoft.Bcl.Build (>= 1.0.14)
    Octokit (0.24)
      Microsoft.Net.Http  - restriction: || (== net10) (== net11) (== net20) (== net30) (== net35) (== net40)
    SourceLink.Fake (1.1)
GITHUB
  remote: fsharp/FAKE
    modules/Octokit/Octokit.fsx (0cca21da332895437de5785210610bd055a77ac2)
      Octokit (>= 0.20)