GEM
  remote: https://rubygems.org/
  specs:
    albacore (2.0.4)
      map (~> 6.5)
      nokogiri (~> 1.5)
      rake (> 10)
      semver2 (~> 3.4)
    map (6.6.0)
    mini_portile2 (2.8.0)
    nokogiri (1.13.9)
      mini_portile2 (~> 2.8.0)
      racc (~> 1.4)
    nuget (3.4.4)
    nuget_helper (1.0.1)
      nokogiri (~> 1.5)
      nuget (~> 3.4.4)
      semver2 (~> 3.4)
    racc (1.6.0)
    rake (13.0.1)
    semver2 (3.4.2)

PLATFORMS
  ruby

DEPENDENCIES
  albacore
  nuget_helper
  rake (>= 12.3.3)

BUNDLED WITH
   2.0.2
